STORAGE: NONE
RESTRICTION: || (== net50) (== netstandard2.1)
NUGET
  remote: https://api.nuget.org/v3/index.json
    Fable.Core (3.2.8)
      FSharp.Core (>= 4.7.2)
    FSharp.Core (5.0.2)
